PATH
  remote: .
  specs:
    why_test (0.0.1)
      gli

GEM
  remote: http://rubygems.org/
  specs:
    diff-lcs (1.1.2)
    formatador (0.2.0)
    gli (1.3.2)
    rake (0.9.2)
    rdoc (3.9.2)
    riot (0.12.4)
      rr
    rr (1.0.3)
    rspec (2.6.0)
      rspec-core (~> 2.6.0)
      rspec-expectations (~> 2.6.0)
      rspec-mocks (~> 2.6.0)
    rspec-core (2.6.4)
    rspec-expectations (2.6.0)
      diff-lcs (~> 1.1.2)
    rspec-mocks (2.6.0)
    shindo (0.3.4)
      formatador (>= 0.1.1)
    testrocket (0.0.1)

PLATFORMS
  ruby

DEPENDENCIES
  rake
  rdoc
  riot
  rspec
  shindo
  testrocket
  why_test!
