PATH
  remote: .
  specs:
    why_test (0.0.1)
      gli

GEM
  remote: http://rubygems.org/
  specs:
    gli (1.3.2)
    rake (0.9.2)
    rdoc (3.9.2)

PLATFORMS
  ruby

DEPENDENCIES
  rake
  rdoc
  why_test!
